GEM
  specs:
    activemodel (3.0.7)
      activesupport (= 3.0.7)
      builder (~> 2.1.2)
      i18n (~> 0.5.0)
    activerecord (3.0.7)
      activemodel (= 3.0.7)
      activesupport (= 3.0.7)
      arel (~> 2.0.2)
      tzinfo (~> 0.3.23)
    activerecord-jdbc-adapter (1.1.1)
    activesupport (3.0.7)
    arel (2.0.10)
    builder (2.1.2)
    i18n (0.5.0)
    jdbc-mysql (5.1.13)
    rack (1.2.3)
    rake (0.9.2)
    sinatra (1.2.6)
      rack (~> 1.1)
      tilt (>= 1.2.2, < 2.0)
    tilt (1.3)
    torquebox-rake-support (1.0.2)
    tzinfo (0.3.27)

PLATFORMS
  java

DEPENDENCIES
  activerecord (~> 3.0.7)
  activerecord-jdbc-adapter
  jdbc-mysql
  rake
  sinatra
  torquebox-rake-support (= 1.0.2)
